GEM
  remote: https://rubygems.org/
  specs:
    addressable (2.4.0)
    ast (2.3.0)
    coderay (1.1.1)
    colored (1.2)
    excon (0.50.1)
    faraday (0.9.2)
      multipart-post (>= 1.2, < 3)
    logstash-event (1.2.02)
    logstash-logger (0.22.1)
      logstash-event (~> 1.2)
    method_source (0.8.2)
    multipart-post (2.0.0)
    octokit (4.3.0)
      sawyer (~> 0.7.0, >= 0.5.3)
    parser (2.3.1.4)
      ast (~> 2.2)
    powerpack (0.1.1)
    pry (0.10.3)
      coderay (~> 1.1.0)
      method_source (~> 0.8.1)
      slop (~> 3.4)
    rainbow (2.1.0)
    rake (11.2.2)
    rubocop (0.45.0)
      parser (>= 2.3.1.1, < 3.0)
      powerpack (~> 0.1)
      rainbow (>= 1.99.1, < 3.0)
      ruby-progressbar (~> 1.7)
      unicode-display_width (~> 1.0, >= 1.0.1)
    ruby-progressbar (1.8.1)
    sawyer (0.7.0)
      addressable (>= 2.3.5, < 2.5)
      faraday (~> 0.8, < 0.10)
    slop (3.6.0)
    unicode-display_width (1.1.1)

PLATFORMS
  ruby

DEPENDENCIES
  colored
  excon
  logstash-logger
  octokit (~> 4.0)
  pry
  rake
  rubocop

BUNDLED WITH
   1.14.6
